GEM
  remote: https://rubygems.org/
  specs:
    activesupport (5.2.4.3)
      concurrent-ruby (~> 1.0, >= 1.0.2)
      i18n (>= 0.7, < 2)
      minitest (~> 5.1)
      tzinfo (~> 1.1)
    cinch (2.3.4)
    coderay (1.1.2)
    colorize (0.8.1)
    concurrent-ruby (1.1.5)
    concurrent-ruby-ext (1.1.5)
      concurrent-ruby (= 1.1.5)
    differ (0.1.2)
    dotenv (2.7.5)
    highline (2.0.3)
    httparty (0.17.1)
      mime-types (~> 3.0)
      multi_xml (>= 0.5.2)
    i18n (1.8.3)
      concurrent-ruby (~> 1.0)
    mediainfo (0.7.2)
    method_source (0.9.2)
    mime-types (3.3)
      mime-types-data (~> 3.2015)
    mime-types-data (3.2019.1009)
    mini_portile2 (2.4.0)
    minitest (5.14.1)
    multi_xml (0.6.0)
    net-scp (2.0.0)
      net-ssh (>= 2.6.5, < 6.0.0)
    net-sftp (2.1.2)
      net-ssh (>= 2.6.5)
    net-ssh (5.2.0)
    nokogiri (1.10.7)
      mini_portile2 (~> 2.4.0)
    parallel (1.19.1)
    pry (0.12.2)
      coderay (~> 1.1.0)
      method_source (~> 0.9.0)
    thread_safe (0.3.6)
    tzinfo (1.2.7)
      thread_safe (~> 0.1)

PLATFORMS
  ruby

DEPENDENCIES
  activesupport (~> 5.2)
  cinch
  colorize (~> 0.8)
  concurrent-ruby (~> 1.1)
  concurrent-ruby-ext (~> 1.1)
  differ
  dotenv (~> 2.7)
  highline (~> 2.0.3)
  httparty (~> 0.17)
  mediainfo (< 1.0.0)
  net-scp (~> 2.0)
  net-sftp (~> 2.1)
  net-ssh (~> 5.2)
  nokogiri
  parallel
  pry

BUNDLED WITH
   2.1.4
