GEM
  remote: https://rubygems.org/
  specs:
    activesupport (7.0.6)
      concurrent-ruby (~> 1.0, >= 1.0.2)
      i18n (>= 1.6, < 2)
      minitest (>= 5.1)
      tzinfo (~> 2.0)
    bcrypt_pbkdf (1.1.0)
    benchmark-ips (2.12.0)
    cinch (2.3.4)
    coderay (1.1.3)
    colorize (0.8.1)
    concurrent-ruby (1.2.2)
    concurrent-ruby-ext (1.2.2)
      concurrent-ruby (= 1.2.2)
    differ (0.1.2)
    dotenv (2.8.1)
    ed25519 (1.3.0)
    ffi (1.15.5)
    highline (2.1.0)
    httparty (0.21.0)
      mini_mime (>= 1.0.0)
      multi_xml (>= 0.5.2)
    i18n (1.14.1)
      concurrent-ruby (~> 1.0)
    json (2.6.3)
    method_source (1.0.0)
    mime-types (3.4.1)
      mime-types-data (~> 3.2015)
    mime-types-data (3.2023.0218.1)
    mini_mime (1.1.2)
    mini_portile2 (2.8.2)
    minitest (5.18.1)
    multi_xml (0.6.0)
    net-scp (3.0.0)
      net-ssh (>= 2.6.5, < 7.0.0)
    net-sftp (3.0.0)
      net-ssh (>= 5.0.0, < 7.0.0)
    net-ssh (6.1.0)
    nokogiri (1.15.3)
      mini_portile2 (~> 2.8.2)
      racc (~> 1.4)
    oj (3.15.0)
    openssl (3.1.0)
    parallel (1.23.0)
    pry (0.14.2)
      coderay (~> 1.1)
      method_source (~> 1.0)
    racc (1.7.1)
    terminal-size (0.0.6)
    tty-cursor (0.7.1)
    tzinfo (2.0.6)
      concurrent-ruby (~> 1.0)

PLATFORMS
  ruby

DEPENDENCIES
  activesupport (~> 7.0)
  bcrypt_pbkdf (~> 1.1)
  benchmark-ips (~> 2.8)
  cinch
  colorize (~> 0.8)
  concurrent-ruby (~> 1.2)
  concurrent-ruby-ext (~> 1.2)
  differ
  dotenv (~> 2.7)
  ed25519 (~> 1.2)
  ffi (~> 1.15)
  highline (~> 2.1.0)
  httparty (~> 0.21)
  json (~> 2.5)
  mime-types (~> 3.4)
  net-scp (~> 3.0)
  net-sftp (~> 3.0)
  net-ssh (~> 6.1)
  nokogiri (~> 1.15.2)
  oj (~> 3.15)
  openssl (~> 3.0)
  parallel (~> 1.23)
  pry
  terminal-size (~> 0.0.6)
  tty-cursor (~> 0.7.1)

RUBY VERSION
   ruby 3.2.2p53

BUNDLED WITH
   2.4.8
