GEM
  remote: https://rubygems.org/
  specs:
    activesupport (6.1.4.1)
      concurrent-ruby (~> 1.0, >= 1.0.2)
      i18n (>= 1.6, < 2)
      minitest (>= 5.1)
      tzinfo (~> 2.0)
      zeitwerk (~> 2.3)
    bcrypt_pbkdf (1.1.0)
    benchmark-ips (2.9.2)
    cinch (2.3.4)
    coderay (1.1.3)
    colorize (0.8.1)
    concurrent-ruby (1.1.9)
    concurrent-ruby-ext (1.1.9)
      concurrent-ruby (= 1.1.9)
    differ (0.1.2)
    dotenv (2.7.6)
    ed25519 (1.2.4)
    ffi (1.15.4)
    highline (2.0.3)
    httparty (0.20.0)
      mime-types (~> 3.0)
      multi_xml (>= 0.5.2)
    i18n (1.8.11)
      concurrent-ruby (~> 1.0)
    json (2.6.1)
    method_source (1.0.0)
    mime-types (3.4.1)
      mime-types-data (~> 3.2015)
    mime-types-data (3.2021.1115)
    mini_portile2 (2.6.1)
    minitest (5.14.4)
    multi_xml (0.6.0)
    net-scp (3.0.0)
      net-ssh (>= 2.6.5, < 7.0.0)
    net-sftp (3.0.0)
      net-ssh (>= 5.0.0, < 7.0.0)
    net-ssh (6.1.0)
    nokogiri (1.12.5)
      mini_portile2 (~> 2.6.1)
      racc (~> 1.4)
    parallel (1.21.0)
    pry (0.14.1)
      coderay (~> 1.1)
      method_source (~> 1.0)
    racc (1.6.0)
    terminal-size (0.0.6)
    tty-cursor (0.7.1)
    tzinfo (2.0.4)
      concurrent-ruby (~> 1.0)
    zeitwerk (2.5.1)

PLATFORMS
  ruby

DEPENDENCIES
  activesupport (~> 6.1)
  bcrypt_pbkdf (~> 1.1)
  benchmark-ips (~> 2.8)
  cinch
  colorize (~> 0.8)
  concurrent-ruby (~> 1.1)
  concurrent-ruby-ext (~> 1.1)
  differ
  dotenv (~> 2.7)
  ed25519 (~> 1.2)
  ffi (~> 1.15)
  highline (~> 2.0.3)
  httparty (~> 0.17)
  json (~> 2.5)
  net-scp (~> 3.0)
  net-sftp (~> 3.0)
  net-ssh (~> 6.1)
  nokogiri (~> 1.12.5)
  parallel
  pry
  terminal-size (~> 0.0.6)
  tty-cursor (~> 0.7.1)

RUBY VERSION
   ruby 2.7.3p183

BUNDLED WITH
   2.2.32
