GEM
  remote: https://rubygems.org/
  specs:
    activesupport (7.0.4)
      concurrent-ruby (~> 1.0, >= 1.0.2)
      i18n (>= 1.6, < 2)
      minitest (>= 5.1)
      tzinfo (~> 2.0)
    bcrypt_pbkdf (1.1.0)
    benchmark-ips (2.10.0)
    cinch (2.3.4)
    coderay (1.1.3)
    colorize (0.8.1)
    concurrent-ruby (1.1.10)
    concurrent-ruby-ext (1.1.10)
      concurrent-ruby (= 1.1.10)
    differ (0.1.2)
    dotenv (2.8.1)
    ed25519 (1.3.0)
    ffi (1.15.5)
    highline (2.0.3)
    httparty (0.20.0)
      mime-types (~> 3.0)
      multi_xml (>= 0.5.2)
    i18n (1.12.0)
      concurrent-ruby (~> 1.0)
    json (2.6.2)
    method_source (1.0.0)
    mime-types (3.4.1)
      mime-types-data (~> 3.2015)
    mime-types-data (3.2022.0105)
    mini_portile2 (2.8.0)
    minitest (5.16.3)
    multi_xml (0.6.0)
    net-scp (3.0.0)
      net-ssh (>= 2.6.5, < 7.0.0)
    net-sftp (3.0.0)
      net-ssh (>= 5.0.0, < 7.0.0)
    net-ssh (6.1.0)
    nokogiri (1.13.8)
      mini_portile2 (~> 2.8.0)
      racc (~> 1.4)
    oj (3.13.21)
    openssl (3.0.1)
    parallel (1.22.1)
    pry (0.14.1)
      coderay (~> 1.1)
      method_source (~> 1.0)
    racc (1.6.0)
    terminal-size (0.0.6)
    tty-cursor (0.7.1)
    tzinfo (2.0.5)
      concurrent-ruby (~> 1.0)

PLATFORMS
  ruby

DEPENDENCIES
  activesupport (~> 7.0)
  bcrypt_pbkdf (~> 1.1)
  benchmark-ips (~> 2.8)
  cinch
  colorize (~> 0.8)
  concurrent-ruby (~> 1.1)
  concurrent-ruby-ext (~> 1.1)
  differ
  dotenv (~> 2.7)
  ed25519 (~> 1.2)
  ffi (~> 1.15)
  highline (~> 2.0.3)
  httparty (~> 0.17)
  json (~> 2.5)
  net-scp (~> 3.0)
  net-sftp (~> 3.0)
  net-ssh (~> 6.1)
  nokogiri (~> 1.13.6)
  oj (~> 3.13)
  openssl (~> 3.0)
  parallel (~> 1.22)
  pry
  terminal-size (~> 0.0.6)
  tty-cursor (~> 0.7.1)

RUBY VERSION
   ruby 3.0.4p208

BUNDLED WITH
   2.3.21
