GEM
  remote: https://rubygems.org/
  specs:
    activesupport (7.1.3)
      base64
      bigdecimal
      concurrent-ruby (~> 1.0, >= 1.0.2)
      connection_pool (>= 2.2.5)
      drb
      i18n (>= 1.6, < 2)
      minitest (>= 5.1)
      mutex_m
      tzinfo (~> 2.0)
    base64 (0.2.0)
    bcrypt_pbkdf (1.1.0)
    benchmark-ips (2.13.0)
    bigdecimal (3.1.6)
    cinch (2.3.4)
    coderay (1.1.3)
    colorize (0.8.1)
    concurrent-ruby (1.2.3)
    concurrent-ruby-ext (1.2.3)
      concurrent-ruby (= 1.2.3)
    connection_pool (2.4.1)
    differ (0.1.2)
    dotenv (2.8.1)
    drb (2.2.0)
      ruby2_keywords
    ed25519 (1.3.0)
    ffi (1.16.3)
    highline (3.0.1)
    httparty (0.21.0)
      mini_mime (>= 1.0.0)
      multi_xml (>= 0.5.2)
    i18n (1.14.1)
      concurrent-ruby (~> 1.0)
    json (2.7.1)
    method_source (1.0.0)
    mime-types (3.5.2)
      mime-types-data (~> 3.2015)
    mime-types-data (3.2023.1205)
    mini_mime (1.1.5)
    minitest (5.21.2)
    multi_xml (0.6.0)
    mutex_m (0.2.0)
    net-scp (4.0.0)
      net-ssh (>= 2.6.5, < 8.0.0)
    net-sftp (4.0.0)
      net-ssh (>= 5.0.0, < 8.0.0)
    net-ssh (7.2.1)
    nokogiri (1.16.2-x86_64-linux)
      racc (~> 1.4)
    oj (3.16.3)
      bigdecimal (>= 3.0)
    openssl (3.2.0)
    parallel (1.24.0)
    pry (0.14.2)
      coderay (~> 1.1)
      method_source (~> 1.0)
    racc (1.7.3)
    ruby2_keywords (0.0.5)
    sys-filesystem (1.4.4)
      ffi (~> 1.1)
    terminal-size (0.0.6)
    tty-cursor (0.7.1)
    tzinfo (2.0.6)
      concurrent-ruby (~> 1.0)

PLATFORMS
  x86_64-linux

DEPENDENCIES
  activesupport (~> 7.0)
  bcrypt_pbkdf (~> 1.1)
  benchmark-ips (~> 2.8)
  cinch
  colorize (~> 0.8)
  concurrent-ruby (~> 1.2)
  concurrent-ruby-ext (~> 1.2)
  differ
  dotenv (~> 2.7)
  ed25519 (~> 1.2)
  ffi (~> 1.15)
  highline (~> 3.0.0)
  httparty (~> 0.21)
  json (~> 2.5)
  mime-types (~> 3.4)
  net-scp (~> 4.0)
  net-sftp (~> 4.0)
  net-ssh (~> 7.2)
  nokogiri (~> 1.16.2)
  oj (~> 3.15)
  openssl (~> 3.0)
  parallel (~> 1.23)
  pry
  sys-filesystem (~> 1.4.4)
  terminal-size (~> 0.0.6)
  tty-cursor (~> 0.7.1)

RUBY VERSION
   ruby 3.2.2p53

BUNDLED WITH
   2.5.5
