GEM
  remote: https://rubygems.org/
  specs:
    activesupport (8.0.0)
      base64
      benchmark (>= 0.3)
      bigdecimal
      concurrent-ruby (~> 1.0, >= 1.3.1)
      connection_pool (>= 2.2.5)
      drb
      i18n (>= 1.6, < 2)
      logger (>= 1.4.2)
      minitest (>= 5.1)
      securerandom (>= 0.3)
      tzinfo (~> 2.0, >= 2.0.5)
      uri (>= 0.13.1)
    base64 (0.2.0)
    bcrypt_pbkdf (1.1.1)
    benchmark (0.4.0)
    benchmark-ips (2.14.0)
    bigdecimal (3.1.8)
    cinch (2.3.4)
    coderay (1.1.3)
    colorize (1.1.0)
    concurrent-ruby (1.3.4)
    concurrent-ruby-ext (1.3.4)
      concurrent-ruby (= 1.3.4)
    connection_pool (2.4.1)
    csv (3.3.0)
    differ (0.1.2)
    dotenv (3.1.4)
    drb (2.2.1)
    ed25519 (1.3.0)
    ffi (1.17.0-x86_64-linux-gnu)
    highline (3.1.1)
      reline
    httparty (0.22.0)
      csv
      mini_mime (>= 1.0.0)
      multi_xml (>= 0.5.2)
    i18n (1.14.6)
      concurrent-ruby (~> 1.0)
    io-console (0.7.2)
    json (2.8.2)
    logger (1.6.1)
    method_source (1.1.0)
    mime-types (3.6.0)
      logger
      mime-types-data (~> 3.2015)
    mime-types-data (3.2024.1105)
    mini_mime (1.1.5)
    minitest (5.25.2)
    multi_xml (0.7.1)
      bigdecimal (~> 3.1)
    net-scp (4.0.0)
      net-ssh (>= 2.6.5, < 8.0.0)
    net-sftp (4.0.0)
      net-ssh (>= 5.0.0, < 8.0.0)
    net-ssh (7.3.0)
    nokogiri (1.16.7-x86_64-linux)
      racc (~> 1.4)
    oj (3.16.7)
      bigdecimal (>= 3.0)
      ostruct (>= 0.2)
    openssl (3.2.0)
    ostruct (0.6.1)
    parallel (1.26.3)
    pry (0.15.0)
      coderay (~> 1.1)
      method_source (~> 1.0)
    racc (1.8.1)
    reline (0.5.12)
      io-console (~> 0.5)
    securerandom (0.3.2)
    sys-filesystem (1.5.3)
      ffi (~> 1.1)
    terminal-size (0.0.6)
    tty-cursor (0.7.1)
    tzinfo (2.0.6)
      concurrent-ruby (~> 1.0)
    uri (1.0.2)

PLATFORMS
  x86_64-linux

DEPENDENCIES
  activesupport (~> 8.0)
  bcrypt_pbkdf (~> 1.1)
  benchmark-ips (~> 2.8)
  cinch
  colorize (~> 1.1)
  concurrent-ruby (~> 1.2)
  concurrent-ruby-ext (~> 1.2)
  differ
  dotenv (~> 3.1)
  ed25519 (~> 1.2)
  ffi (~> 1.15)
  highline (~> 3.1.1)
  httparty (~> 0.21)
  json (~> 2.5)
  mime-types (~> 3.4)
  net-scp (~> 4.0)
  net-sftp (~> 4.0)
  net-ssh (~> 7.2)
  nokogiri (~> 1.16.2)
  oj (~> 3.15)
  openssl (~> 3.0)
  parallel (~> 1.23)
  pry
  sys-filesystem (~> 1.5.3)
  terminal-size (~> 0.0.6)
  tty-cursor (~> 0.7.1)

BUNDLED WITH
   2.5.23
